PATH
  remote: .
  specs:
    serrano (0.5.2)
      faraday (~> 0.15.0)
      faraday_middleware (>= 0.12.2, < 0.14.0)
      multi_json (~> 1.13, >= 1.13.1)
      thor (~> 0.20.0)

GEM
  remote: https://rubygems.org/
  specs:
    addressable (2.6.0)
      public_suffix (>= 2.0.2, < 4.0)
    ast (2.4.0)
    codecov (0.1.14)
      json
      simplecov
      url
    crack (0.4.3)
      safe_yaml (~> 1.0.0)
    docile (1.3.2)
    faraday (0.15.4)
      multipart-post (>= 1.2, < 3)
    faraday_middleware (0.13.1)
      faraday (>= 0.7.4, < 1.0)
    hashdiff (1.0.0)
    jaro_winkler (1.5.3)
    json (2.2.0)
    multi_json (1.13.1)
    multipart-post (2.1.1)
    parallel (1.17.0)
    parser (2.6.3.0)
      ast (~> 2.4.0)
    power_assert (1.1.4)
    public_suffix (3.1.1)
    rainbow (3.0.0)
    rake (12.3.3)
    rubocop (0.74.0)
      jaro_winkler (~> 1.5.1)
      parallel (~> 1.10)
      parser (>= 2.6)
      rainbow (>= 2.2.2, < 4.0)
      ruby-progressbar (~> 1.7)
      unicode-display_width (>= 1.4.0, < 1.7)
    ruby-progressbar (1.10.1)
    safe_yaml (1.0.5)
    simplecov (0.17.0)
      docile (~> 1.1)
      json (>= 1.8, < 3)
      simplecov-html (~> 0.10.0)
    simplecov-html (0.10.2)
    test-unit (3.3.3)
      power_assert
    thor (0.20.3)
    unicode-display_width (1.6.0)
    url (0.3.2)
    vcr (5.0.0)
    webmock (3.6.2)
      addressable (>= 2.3.6)
      crack (>= 0.3.2)
      hashdiff (>= 0.4.0, < 2.0.0)

PLATFORMS
  ruby

DEPENDENCIES
  bundler (~> 2.0, >= 2.0.2)
  codecov (~> 0.1.10)
  json (~> 2.1)
  rake (~> 12.3, >= 12.3.1)
  rubocop (~> 0.74.0)
  serrano!
  simplecov (~> 0.17.0)
  test-unit (~> 3.2, >= 3.2.7)
  vcr (~> 5.0)
  webmock (~> 3.4, >= 3.4.1)

BUNDLED WITH
   2.0.2
