PATH
  remote: .
  specs:
    facter (2.5.4)
      redcarpet (<= 2.3.0)
      watchr
      yard

GEM
  remote: https://artifactory.delivery.puppetlabs.net/artifactory/api/gems/rubygems/
  specs:
    CFPropertyList (2.3.6)
    addressable (2.3.8)
    artifactory (3.0.0)
    builder (3.2.3)
    coderay (1.1.2)
    diff-lcs (1.1.3)
    json (1.8.6)
    json-schema (2.6.2)
      addressable (~> 2.3.8)
    metaclass (0.0.4)
    method_source (0.9.2)
    mocha (0.10.5)
      metaclass (~> 0.0.1)
    packaging (0.99.0)
      artifactory
      rake
    pry (0.12.2)
      coderay (~> 1.1.0)
      method_source (~> 0.9.0)
    puppet-lint (2.3.6)
    puppet-syntax (2.5.0)
      rake
    puppetlabs_spec_helper (1.1.1)
      mocha
      puppet-lint
      puppet-syntax
      rake
      rspec-puppet
    rake (10.1.1)
    redcarpet (2.3.0)
    rspec (2.11.0)
      rspec-core (~> 2.11.0)
      rspec-expectations (~> 2.11.0)
      rspec-mocks (~> 2.11.0)
    rspec-core (2.11.1)
    rspec-expectations (2.11.3)
      diff-lcs (~> 1.1.3)
    rspec-mocks (2.11.3)
    rspec-puppet (2.7.5)
      rspec
    watchr (0.7)
    yard (0.9.20)
    yarjuf (1.0.5)
      builder
      rspec (>= 2.0)

PLATFORMS
  ruby

DEPENDENCIES
  CFPropertyList (~> 2.2)
  facter (>= 1.0.0)!
  ffi (~> 1.9.18)
  json (~> 1.7)
  json-schema (~> 2.6.2)
  mocha (~> 0.10.5)
  packaging (~> 0.99)
  pry
  puppetlabs_spec_helper
  rake (~> 10.1.0)
  redcarpet (<= 2.3.0)
  rspec (~> 2.11.0)
  watchr
  yard
  yarjuf (~> 1.0)

BUNDLED WITH
   1.17.1
