PATH
  remote: .
  specs:
    ruby-stemmer (1.0.0)

GEM
  remote: https://rubygems.org/
  specs:
    minitest (5.11.3)
    rake (12.3.1)
    rake-compiler (0.9.9)
      rake
    rdoc (4.3.0)

PLATFORMS
  ruby
  x86-mingw32

DEPENDENCIES
  minitest (~> 5.5)
  rake-compiler (~> 0.9)
  rdoc (~> 4.2)
  ruby-stemmer!

BUNDLED WITH
   1.16.5
